PATH
  remote: .
  specs:
    value_class (0.1.0)
      attr_comparable (~> 0.2)

GEM
  remote: https://rubygems.org/
  remote: https://gem.fury.io/invoca/
  specs:
    ast (2.4.0)
    attr_comparable (0.2.0)
    byebug (10.0.2)
    coderay (1.1.2)
    diff-lcs (1.3)
    jaro_winkler (1.5.4)
    method_source (0.9.0)
    parallel (1.19.1)
    parser (2.7.1.1)
      ast (~> 2.4.0)
    pry (0.11.3)
      coderay (~> 1.1.0)
      method_source (~> 0.9.0)
    pry-byebug (3.6.0)
      byebug (~> 10.0)
      pry (~> 0.10)
    rainbow (3.0.0)
    rake (13.0.1)
    rspec (3.7.0)
      rspec-core (~> 3.7.0)
      rspec-expectations (~> 3.7.0)
      rspec-mocks (~> 3.7.0)
    rspec-core (3.7.1)
      rspec-support (~> 3.7.0)
    rspec-expectations (3.7.0)
      diff-lcs (>= 1.2.0, < 2.0)
      rspec-support (~> 3.7.0)
    rspec-mocks (3.7.0)
      diff-lcs (>= 1.2.0, < 2.0)
      rspec-support (~> 3.7.0)
    rspec-support (3.7.1)
    rspec_junit_formatter (0.4.1)
      rspec-core (>= 2, < 4, != 2.12.0)
    rubocop (0.74.0)
      jaro_winkler (~> 1.5.1)
      parallel (~> 1.10)
      parser (>= 2.6)
      rainbow (>= 2.2.2, < 4.0)
      ruby-progressbar (~> 1.7)
      unicode-display_width (>= 1.4.0, < 1.7)
    ruby-progressbar (1.10.1)
    unicode-display_width (1.6.1)

PLATFORMS
  ruby

DEPENDENCIES
  bundler (~> 1.8)
  pry
  pry-byebug
  rake (~> 13.0)
  rspec (~> 3.7)
  rspec-mocks (~> 3.7)
  rspec_junit_formatter
  rubocop (= 0.74.0)
  value_class!

BUNDLED WITH
   1.17.2
